GEM
  remote: https://rubygems.org/
  specs:
    diff-lcs (1.2.1)
    hike (1.2.3)
    json (1.8.1)
    multi_json (1.8.2)
    opal (0.5.5)
      source_map
    opal-sprockets (0.3.0)
      opal (~> 0.5.0)
      sprockets
    rack (1.5.2)
    rake (10.0.3)
    rspec (2.13.0)
      rspec-core (~> 2.13.0)
      rspec-expectations (~> 2.13.0)
      rspec-mocks (~> 2.13.0)
    rspec-core (2.13.0)
    rspec-expectations (2.13.0)
      diff-lcs (>= 1.1.3, < 2.0)
    rspec-mocks (2.13.0)
    source_map (3.0.1)
      json
    sprockets (2.10.1)
      hike (~> 1.2)
      multi_json (~> 1.0)
      rack (~> 1.0)
      tilt (~> 1.1, != 1.3.0)
    tilt (1.4.1)

PLATFORMS
  ruby

DEPENDENCIES
  opal
  opal-sprockets
  rake
  rspec
